GEM
  remote: https://rubygems.org/
  specs:
    nio4r (2.5.4)
    puma (5.1.1)
      nio4r (~> 2.0)
    rack (2.2.3)
    rake (13.0.3)
    redis (4.2.5)
    roda (3.39.0)
      rack

PLATFORMS
  x86_64-linux

DEPENDENCIES
  puma
  rake
  redis
  roda

BUNDLED WITH
   2.2.3
